PATH
  remote: .
  specs:
    hive-runner-ios (0.0.1)

GEM
  remote: https://rubygems.org/
  remote: https://gems.cloud.bbc.co.uk/
  specs:
    device_api (1.0.0)
    device_api-ios (0.0.1)
      device_api (>= 1.0)
    terminal-table (1.4.5)

PLATFORMS
  ruby

DEPENDENCIES
  device_api-ios
  hive-runner-ios!
  terminal-table
