PATH
  remote: .
  specs:
    hive-runner-ios (0.0.1)

GEM
  remote: https://rubygems.org/
  specs:
    terminal-table (1.4.5)

PLATFORMS
  ruby

DEPENDENCIES
  hive-runner-ios!
  terminal-table
