PATH
  remote: .
  specs:
    hive-runner-ios (0.0.1)
      device_api-ios

PATH
  remote: ~/code/hive/device_api-ios
  specs:
    device_api-ios (1.0.1)
      device_api (>= 1.0, < 2.0)
      ios-devices

GEM
  remote: https://rubygems.org/
  specs:
    device_api (1.0.1)
    ios-devices (0.2.1)
    terminal-table (1.4.5)

PLATFORMS
  ruby

DEPENDENCIES
  device_api-ios!
  hive-runner-ios!
  terminal-table

BUNDLED WITH
   1.10.2
